GIT
  remote: git://github.com/zurb/foundation.git
  revision: 45be5e10862ac9588669fa462164ec80ee52f4ea
  branch: master
  specs:
    zurb-foundation (4.0.8)
      sass (>= 3.2.0)

GEM
  remote: http://rubygems.org/
  specs:
    activemodel (3.2.12)
      activesupport (= 3.2.12)
      builder (~> 3.0.0)
    activesupport (3.2.12)
      i18n (~> 0.6)
      multi_json (~> 1.0)
    asset_sync (0.5.4)
      activemodel
      fog
    builder (3.0.4)
    chunky_png (1.2.7)
    coffee-script (2.2.0)
      coffee-script-source
      execjs
    coffee-script-source (1.3.3)
    compass (0.12.2)
      chunky_png (~> 1.2)
      fssm (>= 0.2.7)
      sass (~> 3.1)
    excon (0.19.3)
    execjs (1.4.0)
      multi_json (~> 1.0)
    fog (1.9.0)
      builder
      excon (~> 0.14)
      formatador (~> 0.2.0)
      mime-types
      multi_json (~> 1.0)
      net-scp (~> 1.0.4)
      net-ssh (>= 2.1.3)
      nokogiri (~> 1.5.0)
      ruby-hmac
    formatador (0.2.4)
    fssm (0.2.10)
    haml (4.0.0)
      tilt
    hike (1.2.1)
    http_router (0.10.2)
      rack (>= 1.0.0)
      url_mount (~> 0.2.1)
    i18n (0.6.4)
    listen (0.7.3)
    maruku (0.6.1)
      syntax (>= 1.0.0)
    middleman (3.0.12)
      middleman-core (= 3.0.12)
      middleman-more (= 3.0.12)
      middleman-sprockets (~> 3.0.8)
    middleman-blog (3.1.1)
      maruku (~> 0.6.0)
      middleman-core (~> 3.0.1)
      tzinfo (~> 0.3.0)
    middleman-blog-editor (0.2.4)
      middleman-blog (>= 3.1.0)
      middleman-core (~> 3.0.1)
      sinatra
    middleman-core (3.0.12)
      activesupport (~> 3.2.6)
      bundler (~> 1.1)
      listen (~> 0.7.3)
      rack (~> 1.4.1)
      rack-test (~> 0.6.1)
      rb-fsevent (~> 0.9.3)
      thor (~> 0.15.4)
      tilt (~> 1.3.1)
    middleman-more (3.0.12)
      coffee-script (~> 2.2.0)
      coffee-script-source (~> 1.3.3)
      compass (>= 0.12.2)
      execjs (~> 1.4.0)
      haml (>= 3.1.6)
      i18n (~> 0.6.0)
      maruku (~> 0.6.0)
      middleman-core (= 3.0.12)
      padrino-helpers (= 0.10.7)
      sass (>= 3.1.20)
      uglifier (~> 1.2.6)
    middleman-sprockets (3.0.9)
      middleman-more (>= 3.0.11)
      sprockets (~> 2.1, < 2.5)
      sprockets-sass (~> 0.9.1)
    middleman-sync (3.0.9)
      asset_sync (~> 0.5.4)
      middleman-core (~> 3.0.0)
    mime-types (1.21)
    multi_json (1.6.1)
    net-scp (1.0.4)
      net-ssh (>= 1.99.1)
    net-ssh (2.6.6)
    nokogiri (1.5.6)
    padrino-core (0.10.7)
      activesupport (~> 3.2.0)
      http_router (~> 0.10.2)
      sinatra (~> 1.3.1)
      thor (~> 0.15.2)
      tilt (~> 1.3.0)
    padrino-helpers (0.10.7)
      i18n (~> 0.6)
      padrino-core (= 0.10.7)
    rack (1.4.5)
    rack-protection (1.5.0)
      rack
    rack-test (0.6.2)
      rack (>= 1.0)
    rb-fsevent (0.9.3)
    ruby-hmac (0.4.0)
    sass (3.2.7)
    sinatra (1.3.6)
      rack (~> 1.4)
      rack-protection (~> 1.3)
      tilt (~> 1.3, >= 1.3.3)
    slim (1.2.0)
      temple (~> 0.4.0)
      tilt (~> 1.3.3)
    sprockets (2.4.5)
      hike (~> 1.2)
      multi_json (~> 1.0)
      rack (~> 1.0)
      tilt (~> 1.1, != 1.3.0)
    sprockets-sass (0.9.1)
      sprockets (~> 2.0)
      tilt (~> 1.1)
    susy (1.0.5)
      compass (>= 0.12.2)
      sass (>= 3.2.0)
    syntax (1.0.0)
    temple (0.4.1)
    thor (0.15.4)
    tilt (1.3.5)
    tzinfo (0.3.37)
    uglifier (1.2.7)
      execjs (>= 0.3.0)
      multi_json (~> 1.3)
    url_mount (0.2.1)
      rack

PLATFORMS
  ruby

DEPENDENCIES
  builder (~> 3.0.0)
  compass (~> 0.12.2)
  middleman (~> 3.0.12)
  middleman-blog (~> 3.1.1)
  middleman-blog-editor
  middleman-sync (~> 3.0.9)
  slim (= 1.2)
  susy (~> 1.0)
  zurb-foundation!
